GEM
  remote: https://rubygems.org/
  specs:
    builder (3.2.2)
    ci_reporter (1.9.0)
      builder (>= 2.1.2)
    diff-lcs (1.2.4)
    multi_json (1.7.9)
    rspec (2.14.1)
      rspec-core (~> 2.14.0)
      rspec-expectations (~> 2.14.0)
      rspec-mocks (~> 2.14.0)
    rspec-core (2.14.5)
    rspec-expectations (2.14.2)
      diff-lcs (>= 1.1.3, < 2.0)
    rspec-mocks (2.14.3)
    rcov (0.7.1)
      multi_json (~> 1.0)
        rcov-csv (0.1.3)
      rcov
    

PLATFORMS
  ruby

DEPENDENCIES
  ci_reporter
  rspec
  rcov
  rcov-csv
